GIT
  remote: https://github.com/Poullou/poullouqueue.git
  revision: 3c2799cb75ee894b193ebfdcc4b8528bf68e7e2d
  branch: master
  specs:
    poullouqueue (0.0.1)

GEM
  remote: https://rubygems.org/
  specs:
    metaclass (0.0.4)
    minitest (5.8.3)
    mocha (1.1.0)
      metaclass (~> 0.0.1)
    rake (10.4.2)

PLATFORMS
  ruby

DEPENDENCIES
  minitest
  mocha
  poullouqueue!
  rake

BUNDLED WITH
   1.11.2
